GIT
  remote: git://github.com/german/pdf-reader-turtletext.git
  revision: 6ef90cab02c22b9440441e05a02be1d9230314bf
  specs:
    pdf-reader-turtletext (0.2.2)
      pdf-reader (= 1.1.1)

GIT
  remote: git://github.com/german/pdf-reader.git
  revision: d5fac6ac06755a8bab3825d744c04aac32d87351
  branch: turtletext_patch
  specs:
    pdf-reader (1.1.1)
      Ascii85 (~> 1.0.0)
      ruby-rc4

GIT
  remote: https://github.com/airblade/paper_trail.git
  revision: 916ec98cad41c6f837fb5e2e15efb33fceb81c1c
  specs:
    paper_trail (3.0.0.rc2)
      activerecord (>= 3.0, < 5.0)
      activesupport (>= 3.0, < 5.0)

GEM
  remote: https://rubygems.org/
  specs:
    Ascii85 (1.0.2)
    aasm (3.0.24)
    actionmailer (4.0.2)
      actionpack (= 4.0.2)
      mail (~> 2.5.4)
    actionpack (4.0.2)
      activesupport (= 4.0.2)
      builder (~> 3.1.0)
      erubis (~> 2.7.0)
      rack (~> 1.5.2)
      rack-test (~> 0.6.2)
    activemodel (4.0.2)
      activesupport (= 4.0.2)
      builder (~> 3.1.0)
    activerecord (4.0.2)
      activemodel (= 4.0.2)
      activerecord-deprecated_finders (~> 1.0.2)
      activesupport (= 4.0.2)
      arel (~> 4.0.0)
    activerecord-deprecated_finders (1.0.3)
    activesupport (4.0.2)
      i18n (~> 0.6, >= 0.6.4)
      minitest (~> 4.2)
      multi_json (~> 1.3)
      thread_safe (~> 0.1)
      tzinfo (~> 0.3.37)
    amq-protocol (1.9.0)
    arel (4.0.1)
    atomic (1.1.14)
    authlogic (3.3.0)
      activerecord (>= 3.2)
      activesupport (>= 3.2)
    awesome_print (1.1.0)
    better_errors (0.9.0)
      coderay (>= 1.0.0)
      erubis (>= 2.6.6)
    binding_of_caller (0.7.2)
      debug_inspector (>= 0.0.1)
    bootstrap-sass-rails (2.3.2.1)
      railties (>= 3.1.0)
      sass-rails (>= 3.1.0)
    builder (3.1.4)
    bunny (1.0.5)
      amq-protocol (>= 1.9.0)
    capistrano (2.15.5)
      highline
      net-scp (>= 1.0.0)
      net-sftp (>= 2.0.0)
      net-ssh (>= 2.0.14)
      net-ssh-gateway (>= 1.1.0)
    capistrano-ext (1.2.1)
      capistrano (>= 1.0.0)
    capistrano-unicorn (0.1.10)
      capistrano
    capybara (2.1.0)
      mime-types (>= 1.16)
      nokogiri (>= 1.3.3)
      rack (>= 1.0.0)
      rack-test (>= 0.5.4)
      xpath (~> 2.0)
    celluloid (0.15.2)
      timers (~> 1.1.0)
    childprocess (0.3.9)
      ffi (~> 1.0, >= 1.0.11)
    chronic (0.10.2)
    chunky_png (1.2.9)
    coderay (1.1.0)
    columnize (0.3.6)
    compass (0.12.2)
      chunky_png (~> 1.2)
      fssm (>= 0.2.7)
      sass (~> 3.1)
    compass-rails (2.0.alpha.0)
      compass (>= 0.12.2, < 0.14)
    crummy (1.7.2)
    dalli (2.6.4)
    debug_inspector (0.0.2)
    debugger (1.6.3)
      columnize (>= 0.3.1)
      debugger-linecache (~> 1.2.0)
      debugger-ruby_core_source (~> 1.2.4)
    debugger-linecache (1.2.0)
    debugger-ruby_core_source (1.2.4)
    diff-lcs (1.2.5)
    draper (1.2.1)
      actionpack (>= 3.0)
      activesupport (>= 3.0)
      request_store (~> 1.0.3)
    ejs (1.1.1)
    erubis (2.7.0)
    eventmachine (1.0.3)
    execjs (2.0.2)
    factory_girl (4.2.0)
      activesupport (>= 3.0.0)
    factory_girl_rails (4.2.1)
      factory_girl (~> 4.2.0)
      railties (>= 3.0.0)
    faker (1.1.2)
      i18n (~> 0.5)
    faye-websocket (0.4.7)
      eventmachine (>= 0.12.0)
    ffi (1.9.3)
    formatador (0.2.4)
    fssm (0.2.10)
    guard (2.2.4)
      formatador (>= 0.2.4)
      listen (~> 2.1)
      lumberjack (~> 1.0)
      pry (>= 0.9.12)
      thor (>= 0.18.1)
    guard-jasmine (1.19.0)
      childprocess
      guard (>= 2.0.0)
      multi_json
      thor
      tilt
    guard-rspec (3.1.0)
      guard (>= 1.8)
      rspec (~> 2.13)
    haml (4.0.4)
      tilt
    haml-rails (0.5.1)
      actionpack (~> 4.0.0)
      activesupport (~> 4.0.0)
      haml (>= 3.1, < 5.0)
      railties (~> 4.0.0)
    highline (1.6.20)
    hike (1.2.3)
    hipchat (0.12.0)
      httparty
    http_parser.rb (0.5.3)
    httparty (0.12.0)
      json (~> 1.8)
      multi_xml (>= 0.5.2)
    i18n (0.6.9)
    jasmine-core (1.3.1)
    jasmine-jquery-rails (1.5.9)
    jasmine-rails (0.5.0)
      jasmine-core (~> 1.3)
      rails (>= 3.1.0)
      sprockets-rails
    jbuilder (1.5.3)
      activesupport (>= 3.0.0)
      multi_json (>= 1.2.0)
    jquery-fileupload-rails (0.4.1)
      actionpack (>= 3.1)
      railties (>= 3.1)
    jquery-rails (3.0.4)
      railties (>= 3.0, < 5.0)
      thor (>= 0.14, < 2.0)
    json (1.8.1)
    kaminari (0.15.0)
      actionpack (>= 3.0.0)
      activesupport (>= 3.0.0)
    kgio (2.8.1)
    libv8 (3.16.14.3)
    listen (2.3.1)
      celluloid (>= 0.15.2)
      rb-fsevent (>= 0.9.3)
      rb-inotify (>= 0.9)
    lumberjack (1.0.4)
    mail (2.5.4)
      mime-types (~> 1.16)
      treetop (~> 1.4.8)
    method_source (0.8.2)
    mime-types (1.25.1)
    mini_portile (0.5.2)
    minitest (4.7.5)
    multi_json (1.8.2)
    multi_xml (0.5.5)
    net-scp (1.1.2)
      net-ssh (>= 2.6.5)
    net-sftp (2.1.2)
      net-ssh (>= 2.6.5)
    net-ssh (2.7.0)
    net-ssh-gateway (1.2.0)
      net-ssh (>= 2.6.5)
    nokogiri (1.6.0)
      mini_portile (~> 0.5.0)
    pg (0.17.0)
    poltergeist (1.3.0)
      capybara (~> 2.1.0)
      faye-websocket (>= 0.4.4, < 0.5.0)
      http_parser.rb (~> 0.5.3)
    polyglot (0.3.3)
    pry (0.9.12.4)
      coderay (~> 1.0)
      method_source (~> 0.8)
      slop (~> 3.4)
    quiet_assets (1.0.2)
      railties (>= 3.1, < 5.0)
    rack (1.5.2)
    rack-test (0.6.2)
      rack (>= 1.0)
    rails (4.0.2)
      actionmailer (= 4.0.2)
      actionpack (= 4.0.2)
      activerecord (= 4.0.2)
      activesupport (= 4.0.2)
      bundler (>= 1.3.0, < 2.0)
      railties (= 4.0.2)
      sprockets-rails (~> 2.0.0)
    railties (4.0.2)
      actionpack (= 4.0.2)
      activesupport (= 4.0.2)
      rake (>= 0.8.7)
      thor (>= 0.18.1, < 2.0)
    raindrops (0.12.0)
    rake (10.1.0)
    rb-fsevent (0.9.3)
    rb-inotify (0.9.2)
      ffi (>= 0.5.0)
    ref (1.0.5)
    request_store (1.0.5)
    rjb (1.4.8)
    roo (1.11.2)
      nokogiri
      rubyzip
      spreadsheet (> 0.6.4)
    rspec (2.13.0)
      rspec-core (~> 2.13.0)
      rspec-expectations (~> 2.13.0)
      rspec-mocks (~> 2.13.0)
    rspec-core (2.13.1)
    rspec-expectations (2.13.0)
      diff-lcs (>= 1.1.3, < 2.0)
    rspec-mocks (2.13.1)
    rspec-rails (2.13.2)
      actionpack (>= 3.0)
      activesupport (>= 3.0)
      railties (>= 3.0)
      rspec-core (~> 2.13.0)
      rspec-expectations (~> 2.13.0)
      rspec-mocks (~> 2.13.0)
    ruby-ole (1.2.11.7)
    ruby-rc4 (0.1.5)
    rubyzip (0.9.9)
    rvm-capistrano (1.3.4)
      capistrano (>= 2.0.0)
    sass (3.2.12)
    sass-rails (4.0.1)
      railties (>= 4.0.0, < 5.0)
      sass (>= 3.1.10)
      sprockets-rails (~> 2.0.0)
    shoulda (3.5.0)
      shoulda-context (~> 1.0, >= 1.0.1)
      shoulda-matchers (>= 1.4.1, < 3.0)
    shoulda-context (1.1.6)
    shoulda-matchers (2.1.0)
      activesupport (>= 3.0.0)
    sinon-rails (1.7.3)
      railties (>= 3.1)
    slop (3.4.7)
    spreadsheet (0.9.6)
      ruby-ole (>= 1.0)
    sprockets (2.10.1)
      hike (~> 1.2)
      multi_json (~> 1.0)
      rack (~> 1.0)
      tilt (~> 1.1, != 1.3.0)
    sprockets-rails (2.0.1)
      actionpack (>= 3.0)
      activesupport (>= 3.0)
      sprockets (~> 2.8)
    therubyracer (0.12.0)
      libv8 (~> 3.16.14.0)
      ref
    thor (0.18.1)
    thread_safe (0.1.3)
      atomic
    tilt (1.4.1)
    timers (1.1.0)
    treetop (1.4.15)
      polyglot
      polyglot (>= 0.3.1)
    tzinfo (0.3.38)
    uglifier (2.3.2)
      execjs (>= 0.3.0)
      json (>= 1.8.0)
    unicorn (4.7.0)
      kgio (~> 2.6)
      rack
      raindrops (~> 0.7)
    whenever (0.8.4)
      activesupport (>= 2.3.4)
      chronic (>= 0.6.3)
    xpath (2.0.0)
      nokogiri (~> 1.3)

PLATFORMS
  ruby

DEPENDENCIES
  aasm
  authlogic (~> 3.3.0)
  awesome_print (~> 1.1.0)
  better_errors (~> 0.9.0)
  binding_of_caller (~> 0.7.1)
  bootstrap-sass-rails (~> 2.3.2)
  bunny
  capistrano (~> 2.15.4)
  capistrano-ext (~> 1.2)
  capistrano-unicorn (~> 0.1.9)
  capybara (~> 2.1.0)
  compass-rails (~> 2.0.alpha.0)
  crummy (~> 1.7.2)
  dalli
  debugger (~> 1.6.0)
  draper (~> 1.2.1)
  ejs
  factory_girl_rails (~> 4.2.1)
  faker (~> 1.1.2)
  guard-jasmine
  guard-rspec
  haml-rails (~> 0.4)
  hipchat (~> 0.12.0)
  jasmine-jquery-rails
  jasmine-rails
  jbuilder (~> 1.5.0)
  jquery-fileupload-rails (~> 0.4.1)
  jquery-rails
  json (~> 1.8.0)
  kaminari
  paper_trail!
  pdf-reader!
  pdf-reader-turtletext!
  pg
  poltergeist (~> 1.3.0)
  quiet_assets (~> 1.0.2)
  rails (~> 4.0.1)
  rjb
  roo (~> 1.11.2)
  rspec-rails (~> 2.13.2)
  rubyzip (< 1.0.0)
  rvm-capistrano (~> 1.3.0)
  sass-rails (~> 4.0.0)
  shoulda (~> 3.5.0)
  shoulda-matchers (~> 2.1.0)
  sinon-rails
  spreadsheet
  therubyracer
  uglifier (>= 1.3.0)
  unicorn
  whenever
